GEM
  remote: https://rubygems.org/
  specs:
    actioncable (6.0.2.1)
      actionpack (= 6.0.2.1)
      nio4r (~> 2.0)
      websocket-driver (>= 0.6.1)
    actionmailbox (6.0.2.1)
      actionpack (= 6.0.2.1)
      activejob (= 6.0.2.1)
      activerecord (= 6.0.2.1)
      activestorage (= 6.0.2.1)
      activesupport (= 6.0.2.1)
      mail (>= 2.7.1)
    actionmailer (6.0.2.1)
      actionpack (= 6.0.2.1)
      actionview (= 6.0.2.1)
      activejob (= 6.0.2.1)
      mail (~> 2.5, >= 2.5.4)
      rails-dom-testing (~> 2.0)
    actionpack (6.0.2.1)
      actionview (= 6.0.2.1)
      activesupport (= 6.0.2.1)
      rack (~> 2.0, >= 2.0.8)
      rack-test (>= 0.6.3)
      rails-dom-testing (~> 2.0)
      rails-html-sanitizer (~> 1.0, >= 1.2.0)
    actiontext (6.0.2.1)
      actionpack (= 6.0.2.1)
      activerecord (= 6.0.2.1)
      activestorage (= 6.0.2.1)
      activesupport (= 6.0.2.1)
      nokogiri (>= 1.8.5)
    actionview (6.0.2.1)
      activesupport (= 6.0.2.1)
      builder (~> 3.1)
      erubi (~> 1.4)
      rails-dom-testing (~> 2.0)
      rails-html-sanitizer (~> 1.1, >= 1.2.0)
    active_model_serializers (0.10.10)
      actionpack (>= 4.1, < 6.1)
      activemodel (>= 4.1, < 6.1)
      case_transform (>= 0.2)
      jsonapi-renderer (>= 0.1.1.beta1, < 0.3)
    activejob (6.0.2.1)
      activesupport (= 6.0.2.1)
      globalid (>= 0.3.6)
    activemodel (6.0.2.1)
      activesupport (= 6.0.2.1)
    activerecord (6.0.2.1)
      activemodel (= 6.0.2.1)
      activesupport (= 6.0.2.1)
    activestorage (6.0.2.1)
      actionpack (= 6.0.2.1)
      activejob (= 6.0.2.1)
      activerecord (= 6.0.2.1)
      marcel (~> 0.3.1)
    activesupport (6.0.2.1)
      concurrent-ruby (~> 1.0, >= 1.0.2)
      i18n (>= 0.7, < 2)
      minitest (~> 5.1)
      tzinfo (~> 1.1)
      zeitwerk (~> 2.2)
    akami (1.3.1)
      gyoku (>= 0.4.0)
      nokogiri
    ast (2.4.0)
    bindex (0.8.1)
    bootsnap (1.4.5)
      msgpack (~> 1.0)
    brakeman (4.7.2)
    builder (3.2.4)
    bundler-audit (0.6.1)
      bundler (>= 1.2.0, < 3)
      thor (~> 0.18)
    byebug (11.0.1)
    case_transform (0.2)
      activesupport
    coderay (1.1.2)
    concurrent-ruby (1.1.5)
    crass (1.0.5)
    dotenv (2.7.5)
    dotenv-rails (2.7.5)
      dotenv (= 2.7.5)
      railties (>= 3.2, < 6.1)
    erubi (1.9.0)
    ffi (1.11.3)
    globalid (0.4.2)
      activesupport (>= 4.2.0)
    gyoku (1.3.1)
      builder (>= 2.1.2)
    hashdiff (1.0.0)
    httpi (2.4.4)
      rack
      socksify
    i18n (1.8.1)
      concurrent-ruby (~> 1.0)
    jaro_winkler (1.5.4)
    jsonapi-renderer (0.2.2)
    listen (3.2.1)
      rb-fsevent (~> 0.10, >= 0.10.3)
      rb-inotify (~> 0.9, >= 0.9.10)
    loofah (2.4.0)
      crass (~> 1.0.2)
      nokogiri (>= 1.5.9)
    mail (2.7.1)
      mini_mime (>= 0.1.1)
    marcel (0.3.3)
      mimemagic (~> 0.3.2)
    method_source (0.9.2)
    mimemagic (0.3.3)
    mini_mime (1.0.2)
    mini_portile2 (2.4.0)
    minitest (5.13.0)
    msgpack (1.3.1)
    nio4r (2.5.2)
    nokogiri (1.10.7)
      mini_portile2 (~> 2.4.0)
    nori (2.6.0)
    pagy (3.7.1)
    parallel (1.19.1)
    parser (2.7.0.1)
      ast (~> 2.4.0)
    pg (1.2.1)
    pry (0.12.2)
      coderay (~> 1.1.0)
      method_source (~> 0.9.0)
    pry-rails (0.3.9)
      pry (>= 0.10.4)
    puma (4.3.1)
      nio4r (~> 2.0)
    rack (2.0.8)
    rack-proxy (0.6.5)
      rack
    rack-test (1.1.0)
      rack (>= 1.0, < 3)
    rails (6.0.2.1)
      actioncable (= 6.0.2.1)
      actionmailbox (= 6.0.2.1)
      actionmailer (= 6.0.2.1)
      actionpack (= 6.0.2.1)
      actiontext (= 6.0.2.1)
      actionview (= 6.0.2.1)
      activejob (= 6.0.2.1)
      activemodel (= 6.0.2.1)
      activerecord (= 6.0.2.1)
      activestorage (= 6.0.2.1)
      activesupport (= 6.0.2.1)
      bundler (>= 1.3.0)
      railties (= 6.0.2.1)
      sprockets-rails (>= 2.0.0)
    rails-dom-testing (2.0.3)
      activesupport (>= 4.2.0)
      nokogiri (>= 1.6)
    rails-html-sanitizer (1.3.0)
      loofah (~> 2.3)
    railties (6.0.2.1)
      actionpack (= 6.0.2.1)
      activesupport (= 6.0.2.1)
      method_source
      rake (>= 0.8.7)
      thor (>= 0.20.3, < 2.0)
    rainbow (3.0.0)
    rake (13.0.1)
    rb-fsevent (0.10.3)
    rb-inotify (0.10.1)
      ffi (~> 1.0)
    rollbar (2.23.1)
    rubocop (0.78.0)
      jaro_winkler (~> 1.5.1)
      parallel (~> 1.10)
      parser (>= 2.6)
      rainbow (>= 2.2.2, < 4.0)
      ruby-progressbar (~> 1.7)
      unicode-display_width (>= 1.4.0, < 1.7)
    rubocop-minitest (0.5.1)
      rubocop (>= 0.74)
    rubocop-performance (1.5.2)
      rubocop (>= 0.71.0)
    rubocop-rails (2.4.1)
      rack (>= 1.1)
      rubocop (>= 0.72.0)
    ruby-progressbar (1.10.1)
    savon (2.12.0)
      akami (~> 1.2)
      builder (>= 2.1.2)
      gyoku (~> 1.2)
      httpi (~> 2.3)
      nokogiri (>= 1.8.1)
      nori (~> 2.4)
      wasabi (~> 3.4)
    socksify (1.7.1)
    sprockets (4.0.0)
      concurrent-ruby (~> 1.0)
      rack (> 1, < 3)
    sprockets-rails (3.2.1)
      actionpack (>= 4.0)
      activesupport (>= 4.0)
      sprockets (>= 3.0.0)
    thor (0.20.3)
    thread_safe (0.3.6)
    tzinfo (1.2.6)
      thread_safe (~> 0.1)
    unicode-display_width (1.6.0)
    wasabi (3.5.0)
      httpi (~> 2.0)
      nokogiri (>= 1.4.2)
    web-console (4.0.1)
      actionview (>= 6.0.0)
      activemodel (>= 6.0.0)
      bindex (>= 0.4.0)
      railties (>= 6.0.0)
    webpacker (4.2.2)
      activesupport (>= 4.2)
      rack-proxy (>= 0.6.1)
      railties (>= 4.2)
    websocket-driver (0.7.1)
      websocket-extensions (>= 0.1.0)
    websocket-extensions (0.1.4)
    zeitwerk (2.2.2)

PLATFORMS
  ruby

DEPENDENCIES
  active_model_serializers (~> 0.10.10)
  bootsnap (>= 1.1.0)
  brakeman
  bundler-audit
  byebug
  dotenv-rails
  hashdiff (>= 1.0.0.beta1, < 2.0.0)
  listen (>= 3.0.5, < 3.3)
  pagy (~> 3.7.1)
  pg (~> 1.2.1)
  pry-rails
  puma (~> 4.3)
  rails (~> 6.0.2, >= 6.0.2.1)
  rollbar
  rubocop
  rubocop-minitest
  rubocop-performance
  rubocop-rails
  savon
  web-console (>= 3.3.0)
  webpacker

RUBY VERSION
   ruby 2.7.0p0

BUNDLED WITH
   2.1.2
